GEM
  remote: https://rubygems.org/
  specs:
    actionmailer (3.2.19)
      actionpack (= 3.2.19)
      mail (~> 2.5.4)
    actionpack (3.2.19)
      activemodel (= 3.2.19)
      activesupport (= 3.2.19)
      builder (~> 3.0.0)
      erubis (~> 2.7.0)
      journey (~> 1.0.4)
      rack (~> 1.4.5)
      rack-cache (~> 1.2)
      rack-test (~> 0.6.1)
      sprockets (~> 2.2.1)
    activemodel (3.2.19)
      activesupport (= 3.2.19)
      builder (~> 3.0.0)
    activerecord (3.2.19)
      activemodel (= 3.2.19)
      activesupport (= 3.2.19)
      arel (~> 3.0.2)
      tzinfo (~> 0.3.29)
    activeresource (3.2.19)
      activemodel (= 3.2.19)
      activesupport (= 3.2.19)
    activesupport (3.2.19)
      i18n (~> 0.6, >= 0.6.4)
      multi_json (~> 1.0)
    arel (3.0.3)
    bcrypt (3.1.7)
    bcrypt-ruby (3.1.5)
      bcrypt (>= 3.1.3)
    builder (3.0.4)
    coffee-rails (3.2.2)
      coffee-script (>= 2.2.0)
      railties (~> 3.2.0)
    coffee-script (2.2.0)
      coffee-script-source
      execjs
    coffee-script-source (1.7.0)
    daemons (1.1.9)
    devise (2.2.8)
      bcrypt-ruby (~> 3.0)
      orm_adapter (~> 0.1)
      railties (~> 3.1)
      warden (~> 1.2.1)
    erubis (2.7.0)
    eventmachine (1.0.3)
    execjs (2.2.1)
    hike (1.2.3)
    httparty (0.13.1)
      json (~> 1.8)
      multi_xml (>= 0.5.2)
    i18n (0.6.9)
    jbuilder (1.0.2)
      activesupport (>= 3.0.0)
    journey (1.0.4)
    jquery-rails (2.2.2)
      railties (>= 3.0, < 5.0)
      thor (>= 0.14, < 2.0)
    json (1.8.1)
    mail (2.5.4)
      mime-types (~> 1.16)
      treetop (~> 1.4.8)
    mime-types (1.25.1)
    multi_json (1.10.1)
    multi_xml (0.5.5)
    mysql2 (0.3.16)
    orm_adapter (0.5.0)
    pg (0.17.1)
    polyglot (0.3.5)
    rack (1.4.5)
    rack-cache (1.2)
      rack (>= 0.4)
    rack-ssl (1.3.4)
      rack
    rack-test (0.6.2)
      rack (>= 1.0)
    rails (3.2.19)
      actionmailer (= 3.2.19)
      actionpack (= 3.2.19)
      activerecord (= 3.2.19)
      activeresource (= 3.2.19)
      activesupport (= 3.2.19)
      bundler (~> 1.0)
      railties (= 3.2.19)
    rails_12factor (0.0.2)
      rails_serve_static_assets
      rails_stdout_logging
    rails_serve_static_assets (0.0.1)
    rails_stdout_logging (0.0.3)
    railties (3.2.19)
      actionpack (= 3.2.19)
      activesupport (= 3.2.19)
      rack-ssl (~> 1.3.2)
      rake (>= 0.8.7)
      rdoc (~> 3.4)
      thor (>= 0.14.6, < 2.0)
    rake (10.3.2)
    rdoc (3.12.2)
      json (~> 1.4)
    sprockets (2.2.2)
      hike (~> 1.2)
      multi_json (~> 1.0)
      rack (~> 1.0)
      tilt (~> 1.1, != 1.3.0)
    thin (1.6.2)
      daemons (>= 1.0.9)
      eventmachine (>= 1.0.0)
      rack (>= 1.0.0)
    thor (0.19.1)
    tilt (1.4.1)
    treetop (1.4.15)
      polyglot
      polyglot (>= 0.3.1)
    tzinfo (0.3.39)
    uglifier (2.5.1)
      execjs (>= 0.3.0)
      json (>= 1.8.0)
    warden (1.2.3)
      rack (>= 1.0)

PLATFORMS
  ruby

DEPENDENCIES
  coffee-rails (~> 3.2.1)
  devise (~> 2.2.3)
  httparty (~> 0.13.1)
  jbuilder (~> 1.0.2)
  jquery-rails (~> 2.2.1)
  mysql2 (~> 0.3.11)
  pg
  rails (~> 3.2.12)
  rails_12factor
  thin
  uglifier (>= 1.0.3)
